GEM
  remote: https://rubygems.org/
  specs:
    childprocess (0.7.1)
      ffi (~> 1.0, >= 1.0.11)
    equatable (0.5.0)
    ffi (1.9.18)
    necromancer (0.4.0)
    paint (2.0.0)
    pastel (0.7.1)
      equatable (~> 0.5.0)
      tty-color (~> 0.4.0)
    restup (1.1.3)
      paint (~> 2.0)
    rubyzip (1.2.1)
    selenium-webdriver (3.4.3)
      childprocess (~> 0.5)
      rubyzip (~> 1.0)
    tty-color (0.4.2)
    tty-screen (0.5.0)
    tty-spinner (0.4.1)
    tty-table (0.8.0)
      equatable (~> 0.5.0)
      necromancer (~> 0.4.0)
      pastel (~> 0.7.0)
      tty-screen (~> 0.5.0)
      unicode-display_width (~> 1.1.0)
      verse (~> 0.5.0)
    unicode-display_width (1.1.3)
    unicode_utils (1.4.0)
    verse (0.5.0)
      unicode-display_width (~> 1.1.0)
      unicode_utils (~> 1.4.0)
    watir (6.3.0)
      selenium-webdriver (~> 3.0)

PLATFORMS
  ruby

DEPENDENCIES
  pastel (~> 0.7.1)
  restup (~> 1.1.3)
  tty-spinner (~> 0.4.1)
  tty-table (~> 0.8.0)
  watir (~> 6.3.0)

BUNDLED WITH
   1.15.1
